{
  "Modality": "MR",
  "MagneticFieldStrength": 3,
  "Manufacturer": "GE",
  "ManufacturersModelName": "DISCOVERY_MR750",
  "InstitutionName": "NIH_FMRIF",
  "DeviceSerialNumber": "000301496mr3T5mr",
  "StationName": "fmrif3ta",
  "BodyPartExamined": "HEAD",
  "PatientPosition": "HFS",
  "ProcedureStepDescription": "MRI_Procedure_Limited",
  "SoftwareVersions": "27_LX_MR_Software_release:DV26.0_R01_1725.a",
  "MRAcquisitionType": "2D",
  "SeriesDescription": "MID1_T2_Axial_2.0_mm",
  "ProtocolName": "MID1_T2_Axial_2.0_mm",
  "ScanningSequence": "SE",
  "SequenceVariant": "SK",
  "ScanOptions": "FAST_GEMS_FSA_GEMS",
  "ImageType": [
    "ORIGINAL",
    "PRIMARY",
    "OTHER"
  ],
  "SeriesNumber": 3,
  "AcquisitionNumber": 1,
  "SliceThickness": 2,
  "SpacingBetweenSlices": 2,
  "SAR": 1.094,
  "EchoTime": 0.10122,
  "RepetitionTime": 5,
  "FlipAngle": 125,
  "PercentPhaseFOV": 80,
  "EchoTrainLength": 16,
  "AcquisitionMatrixPE": 256,
  "ReconMatrixPE": 256,
  "PixelBandwidth": 488.281,
  "PhaseEncodingAxis": "i",
  "ImageOrientationPatientDICOM": [
    1,
    0,
    0,
    0,
    0.99999,
    0.00458
  ],
  "InPlanePhaseEncodingDirectionDICOM": "ROW",
  "ConversionSoftware": "dcm2niix",
  "ConversionSoftwareVersion": "v1.0.20180622 GCC4.8.5",
  "AcquisitionDateTime": "2018-07-16T17:11:09"
}