{
  "Modality": "MR",
  "MagneticFieldStrength": 3,
  "Manufacturer": "GE",
  "ManufacturersModelName": "DISCOVERY_MR750",
  "InstitutionName": "NIH_FMRIF",
  "DeviceSerialNumber": "000301496mr3T5mr",
  "StationName": "fmrif3ta",
  "BodyPartExamined": "HEAD",
  "PatientPosition": "HFS",
  "ProcedureStepDescription": "MRI_Brain",
  "SoftwareVersions": "27_LX_MR_Software_release:DV25.1_R01_1617.b",
  "MRAcquisitionType": "2D",
  "SeriesDescription": "MID1_-_1_run.axial",
  "ProtocolName": "MID1_-_1_run.axial",
  "ScanningSequence": "EP_RM",
  "SequenceVariant": "NONE",
  "ScanOptions": "EPI_GEMS_ACC_GEMS",
  "ImageType": [
    "ORIGINAL",
    "PRIMARY",
    "EPI",
    "NONE"
  ],
  "SeriesNumber": 12,
  "AcquisitionNumber": 1,
  "SliceThickness": 3,
  "SpacingBetweenSlices": 3.3,
  "SAR": 0.294969,
  "EchoTime": 0.03,
  "RepetitionTime": 2,
  "FlipAngle": 75,
  "PercentPhaseFOV": 100,
  "AcquisitionMatrixPE": 64,
  "ReconMatrixPE": 64,
  "EffectiveEchoSpacing": 0.000396,
  "TotalReadoutTime": 0.024948,
  "PixelBandwidth": 7812.5,
  "PhaseEncodingAxis": "j",
  "ImageOrientationPatientDICOM": [
    1,
    0,
    0,
    0,
    0.993817,
    -0.111034
  ],
  "InPlanePhaseEncodingDirectionDICOM": "COL",
  "ConversionSoftware": "dcm2niix",
  "ConversionSoftwareVersion": "v1.0.20180622 GCC4.8.5",
  "AcquisitionDateTime": "2017-11-13T16:45:52",
  "PhaseEncodingDirection": "j",
  "SliceTiming": [
    0.0,
    1.02439,
    0.04878,
    1.073171,
    0.097561,
    1.121951,
    0.146341,
    1.170732,
    0.195122,
    1.219512,
    0.243902,
    1.268293,
    0.292683,
    1.317073,
    0.341463,
    1.365854,
    0.390244,
    1.414634,
    0.439024,
    1.463415,
    0.487805,
    1.512195,
    0.536585,
    1.560976,
    0.585366,
    1.609756,
    0.634146,
    1.658537,
    0.682927,
    1.707317,
    0.731707,
    1.756098,
    0.780488,
    1.804878,
    0.829268,
    1.853659,
    0.878049,
    1.902439,
    0.926829,
    1.95122,
    0.97561
  ]
}