{
  "Modality": "MR",
  "MagneticFieldStrength": 3,
  "Manufacturer": "GE",
  "ManufacturersModelName": "DISCOVERY_MR750",
  "InstitutionName": "NIH_FMRIF",
  "DeviceSerialNumber": "000301496mr3T5mr",
  "StationName": "fmrif3ta",
  "BodyPartExamined": "HEAD",
  "PatientPosition": "HFS",
  "ProcedureStepDescription": "MRI_Procedure_Limited",
  "SoftwareVersions": "27_LX_MR_Software_release:DV26.0_R01_1725.a",
  "MRAcquisitionType": "2D",
  "SeriesDescription": "MID1_Axial_ME_Rest_EPI_3mm_iso.axial",
  "ProtocolName": "MID1_Axial_ME_Rest_EPI_3mm_iso.axial",
  "ScanningSequence": "EP_RM",
  "SequenceVariant": "NONE",
  "ScanOptions": "EPI_GEMS_ACC_GEMS",
  "ImageType": [
    "ORIGINAL",
    "PRIMARY",
    "EPI",
    "NONE"
  ],
  "SeriesNumber": 6,
  "AcquisitionNumber": 1,
  "SliceThickness": 3,
  "SpacingBetweenSlices": 4,
  "SAR": 0.103916,
  "EchoTime": 0.055799999999999995,
  "RepetitionTime": 2.5,
  "FlipAngle": 80,
  "PercentPhaseFOV": 100,
  "AcquisitionMatrixPE": 64,
  "ReconMatrixPE": 64,
  "EffectiveEchoSpacing": 0.000396,
  "TotalReadoutTime": 0.024948,
  "PixelBandwidth": 7812.5,
  "PhaseEncodingAxis": "j",
  "ImageOrientationPatientDICOM": [
    1,
    0,
    0,
    0,
    0.998,
    -0.06317
  ],
  "InPlanePhaseEncodingDirectionDICOM": "COL",
  "ConversionSoftware": "dcm2niix",
  "ConversionSoftwareVersion": "v1.0.20180622 GCC4.8.5",
  "AcquisitionDateTime": "2018-03-12T19:08:48",
  "PhaseEncodingDirection": "j",
  "SliceTiming": [
    0.0,
    1.25,
    0.078125,
    1.328125,
    0.15625,
    1.40625,
    0.234375,
    1.484375,
    0.3125,
    1.5625,
    0.390625,
    1.640625,
    0.46875,
    1.71875,
    0.546875,
    1.796875,
    0.625,
    1.875,
    0.703125,
    1.953125,
    0.78125,
    2.03125,
    0.859375,
    2.109375,
    0.9375,
    2.1875,
    1.015625,
    2.265625,
    1.09375,
    2.34375,
    1.171875,
    2.421875
  ]
}