{
  "Modality": "MR",
  "MagneticFieldStrength": 3,
  "Manufacturer": "GE",
  "ManufacturersModelName": "DISCOVERY_MR750",
  "InstitutionName": "NIH_FMRIF",
  "DeviceSerialNumber": "000301496mr3T5mr",
  "StationName": "fmrif3ta",
  "BodyPartExamined": "HEAD",
  "PatientPosition": "HFS",
  "ProcedureStepDescription": "MRI_Procedure_Limited",
  "SoftwareVersions": "27_LX_MR_Software_release:DV26.0_R01_1725.a",
  "MRAcquisitionType": "2D",
  "SeriesDescription": "ME_Rest_opposite_PE_for_distortion_correction",
  "ProtocolName": "ME_Rest_opposite_PE_for_distortion_correction",
  "ScanningSequence": "EP_RM",
  "SequenceVariant": "NONE",
  "ScanOptions": "EPI_GEMS_ACC_GEMS",
  "ImageType": [
    "ORIGINAL",
    "PRIMARY",
    "EPI",
    "NONE"
  ],
  "SeriesNumber": 7,
  "AcquisitionNumber": 1,
  "SliceThickness": 3,
  "SpacingBetweenSlices": 4,
  "SAR": 0.103916,
  "EchoTime": 0.0151,
  "RepetitionTime": 2.5,
  "FlipAngle": 80,
  "PercentPhaseFOV": 100,
  "AcquisitionMatrixPE": 64,
  "ReconMatrixPE": 64,
  "EffectiveEchoSpacing": 0.000396,
  "TotalReadoutTime": 0.024948,
  "PixelBandwidth": 7812.5,
  "PhaseEncodingAxis": "j",
  "ImageOrientationPatientDICOM": [
    1,
    0,
    0,
    0,
    0.998,
    -0.06317
  ],
  "InPlanePhaseEncodingDirectionDICOM": "COL",
  "ConversionSoftware": "dcm2niix",
  "ConversionSoftwareVersion": "v1.0.20180622 GCC4.8.5",
  "AcquisitionDateTime": "2018-03-12T19:18:44",
  "PhaseEncodingDirection": "j-",
  "IntendedFor": [
    "ses-02/func/sub-23638_ses-02_task-rest_run-1_echo-1_bold.nii.gz",
    "ses-02/func/sub-23638_ses-02_task-rest_run-1_echo-2_bold.nii.gz",
    "ses-02/func/sub-23638_ses-02_task-rest_run-1_echo-3_bold.nii.gz",
    "ses-02/func/sub-23638_ses-02_task-rest_run-1_echo-4_bold.nii.gz"
  ]
}